GEM
  remote: https://rubygems.org/
  specs:
    archive-tar-minitar (0.8)
      minitar (~> 0.8)
      minitar-cli (~> 0.8)
    hashie (5.0.0)
    minitar (0.8)
    minitar-cli (0.8)
      minitar (~> 0.8.0)
      powerbar (~> 1.0)
    powerbar (1.0.18)
      hashie (>= 1.1.0)
    puma (0.8.1)
      rack (~> 1.3)
    rack (1.6.13)
    rake (13.0.6)
    rubyzip (2.3.2)
    sprout (0.3.35)
      archive-tar-minitar (>= 0.5.1)
      rake (>= 0.7.1)
      rubyzip (>= 0.9.1)

PLATFORMS
  x86-mingw32

DEPENDENCIES
  puma (= 0.8.1)
  sprout (= 0.3.35)

BUNDLED WITH
   2.3.22
